GEM
  remote: http://rubygems.org/
  specs:
    diff-lcs (1.1.3)
    git (1.2.5)
    httparty (0.9.0)
      multi_json (~> 1.0)
      multi_xml
    jeweler (1.8.4)
      bundler (~> 1.0)
      git (>= 1.2.5)
      rake
      rdoc
    json (1.7.5)
    multi_json (1.3.7)
    multi_xml (0.5.1)
    rake (10.0.2)
    rdoc (3.12)
      json (~> 1.4)
    rspec (2.8.0)
      rspec-core (~> 2.8.0)
      rspec-expectations (~> 2.8.0)
      rspec-mocks (~> 2.8.0)
    rspec-core (2.8.0)
    rspec-expectations (2.8.0)
      diff-lcs (~> 1.1.2)
    rspec-mocks (2.8.0)

PLATFORMS
  ruby

DEPENDENCIES
  bundler (~> 1.2.0)
  httparty (= 0.9.0)
  jeweler (~> 1.8.4)
  rdoc (~> 3.12)
  rspec (~> 2.8.0)
  rspec-mocks (~> 2.8.0)
